GEM
  remote: http://rubygems.org/
  specs:
    fastercsv (1.5.4)
    json (1.5.1)
    rack (1.2.2)
    sinatra (1.2.3)
      rack (~> 1.1)
      tilt (< 2.0, >= 1.2.2)
    tilt (1.2.2)
    yajl-ruby (0.8.2)

PLATFORMS
  ruby

DEPENDENCIES
  fastercsv
  json
  sinatra
  yajl-ruby
